GIT
  remote: http://github.com/postmodern/dm-is-read_only.git
  revision: 7853f805ad5bfe86270e572c20fd83e8ebd84b26
  specs:
    dm-is-read_only (0.2.0)
      activesupport (~> 3.0.0)
      dm-core (~> 1.0.0)

GIT
  remote: http://github.com/postmodern/dm-migrations.git
  revision: 4a154f3d0be9c0dace9e0d95c8a765f9e56c195a
  branch: runner
  specs:
    dm-migrations (1.0.1)
      dm-core (~> 1.0.1)

GIT
  remote: http://github.com/ronin-ruby/ronin-support.git
  revision: 2fe2d1cae6fcf3332e265946b48eddb28f9c640f
  specs:
    ronin-support (0.1.0)
      chars (~> 0.1.2)
      data_paths (~> 0.2.1)
      uri-query_params (~> 0.4.0)

GIT
  remote: http://github.com/ronin-ruby/ronin.git
  revision: afd3e32024f2ec74f95a8da76439352b8202b400
  specs:
    ronin (0.4.0)
      activesupport (~> 3.0.0)
      contextify (~> 0.1.6)
      data_paths (~> 0.2.1)
      dm-aggregates (~> 1.0.0)
      dm-constraints (~> 1.0.0)
      dm-core (~> 1.0.0)
      dm-do-adapter (~> 1.0.0)
      dm-is-predefined (~> 0.3.0)
      dm-migrations (~> 1.0.0)
      dm-sqlite-adapter (~> 1.0.0)
      dm-tags (~> 1.0.0)
      dm-timestamps (~> 1.0.0)
      dm-types (~> 1.0.0)
      dm-validations (~> 1.0.0)
      nokogiri (~> 1.4.1)
      open_namespace (~> 0.3.0)
      parameters (~> 0.2.2)
      pullr (~> 0.1.2)
      ronin-support (~> 0.1.0)
      thor (~> 0.14.0)
      tzinfo (~> 0.3.22)
      uri-query_params (~> 0.4.0)

GEM
  remote: https://rubygems.org/
  specs:
    activesupport (3.0.0)
    addressable (2.2.0)
    chars (0.1.2)
      yard (>= 0.2.3.5)
    contextify (0.1.6)
    data_objects (0.10.2)
      addressable (~> 2.1)
    data_paths (0.2.1)
    diff-lcs (1.1.2)
    dm-aggregates (1.0.0)
      dm-core (~> 1.0.0)
    dm-constraints (1.0.0)
      dm-core (~> 1.0.0)
      dm-migrations (~> 1.0.0)
    dm-core (1.0.1)
      addressable (~> 2.2)
      extlib (~> 0.9.15)
    dm-do-adapter (1.0.0)
      data_objects (~> 0.10.1)
      dm-core (~> 1.0.0)
    dm-is-predefined (0.3.0)
      activesupport (~> 3.0.0.beta3)
      dm-core (~> 1.0.0)
    dm-sqlite-adapter (1.0.0)
      dm-do-adapter (~> 1.0.0)
      do_sqlite3 (~> 0.10.2)
    dm-tags (1.0.0)
      dm-core (~> 1.0.0)
    dm-timestamps (1.0.0)
      dm-core (~> 1.0.0)
    dm-types (1.0.0)
      dm-core (~> 1.0.0)
      fastercsv (~> 1.5.3)
      json_pure (~> 1.4.3)
      stringex (~> 1.1.0)
      uuidtools (~> 2.1.1)
    dm-validations (1.0.0)
      dm-core (~> 1.0.0)
    dm-visualizer (0.1.0)
      dm-core (>= 0.10.2)
      ruby-graphviz (>= 0.9.10)
      thor (>= 0.13.4)
    do_sqlite3 (0.10.2)
      data_objects (= 0.10.2)
    extlib (0.9.15)
    fastercsv (1.5.3)
    git (1.2.5)
    jeweler (1.5.0.pre3)
      bundler (~> 1.0.0)
      git (>= 1.2.5)
      rake
    json_pure (1.4.6)
    nokogiri (1.4.3.1)
    open_namespace (0.3.0)
    parameters (0.2.2)
    pullr (0.1.3)
      addressable (>= 2.1.1)
    rake (0.8.7)
    rdiscount (1.6.5)
    rspec (2.0.0.beta.20)
      rspec-core (= 2.0.0.beta.20)
      rspec-expectations (= 2.0.0.beta.20)
      rspec-mocks (= 2.0.0.beta.20)
    rspec-core (2.0.0.beta.20)
    rspec-expectations (2.0.0.beta.20)
      diff-lcs (>= 1.1.2)
    rspec-mocks (2.0.0.beta.20)
    ruby-graphviz (0.9.17)
    stringex (1.1.0)
    thor (0.14.0)
    tzinfo (0.3.23)
    uri-query_params (0.4.0)
    uuidtools (2.1.1)
    yard (0.6.0)
    yard-dm (0.1.1)

PLATFORMS
  ruby

DEPENDENCIES
  dm-is-read_only (~> 0.2.0)!
  dm-migrations (~> 1.0.1)!
  dm-visualizer (~> 0.1.0)
  jeweler (~> 1.5.0.pre)
  pullr (~> 0.1.2)
  rake (~> 0.8.7)
  rdiscount (~> 1.6.3)
  ronin (~> 0.4.0)!
  ronin-support (~> 0.1.0)!
  rspec (~> 2.0.0.beta.20)
  ruby-graphviz (~> 0.9.10)
  yard (~> 0.6.0)
  yard-dm (~> 0.1.1)
