GIT
  remote: http://github.com/postmodern/dm-is-read_only.git
  revision: 7853f805ad5bfe86270e572c20fd83e8ebd84b26
  specs:
    dm-is-read_only (0.2.0)
      activesupport (~> 3.0.0)
      dm-core (~> 1.0.0)

GIT
  remote: http://github.com/postmodern/dm-migrations.git
  revision: 0fbaeefb1d260ac312d23b13d62c09de89d1f1af
  branch: runner
  specs:
    dm-migrations (1.0.2)
      dm-core (~> 1.0.2)

GIT
  remote: http://github.com/ronin-ruby/ronin-support.git
  revision: d2b9993c1e2e1e891ddcf4aeaaecee03b458e078
  specs:
    ronin-support (0.1.0)
      chars (~> 0.2.0)
      combinatorics (~> 0.3.1)
      data_paths (~> 0.2.1)
      uri-query_params (~> 0.4.0)

GIT
  remote: http://github.com/ronin-ruby/ronin.git
  revision: 3acdd510fa6384618d19930ae9b14e1fb19ee18a
  specs:
    ronin (0.4.0)
      activesupport (~> 3.0.0)
      contextify (~> 0.2.0)
      data_paths (~> 0.2.1)
      dm-aggregates (~> 1.0.2)
      dm-constraints (~> 1.0.2)
      dm-core (~> 1.0.2)
      dm-do-adapter (~> 1.0.2)
      dm-is-predefined (~> 0.3.0)
      dm-serializer (~> 1.0.2)
      dm-sqlite-adapter (~> 1.0.2)
      dm-tags (~> 1.0.2)
      dm-timestamps (~> 1.0.2)
      dm-types (~> 1.0.2)
      dm-validations (~> 1.0.2)
      nokogiri (~> 1.4.1)
      open_namespace (~> 0.3.0)
      parameters (~> 0.2.3)
      pullr (~> 0.1.2)
      thor (~> 0.14.3)
      tzinfo (~> 0.3.22)
      uri-query_params (~> 0.4.0)

PATH
  remote: .
  specs:
    ronin-metasploit (0.1.0)
      data_paths (~> 0.2.1)
      open_namespace (~> 0.3.0)
      pullr (~> 0.1.2)
      thor (~> 0.14.3)

GEM
  remote: https://rubygems.org/
  specs:
    activesupport (3.0.1)
    addressable (2.2.2)
    chars (0.2.0)
    combinatorics (0.3.1)
    contextify (0.2.0)
    data_objects (0.10.2)
      addressable (~> 2.1)
    data_paths (0.2.1)
    diff-lcs (1.1.2)
    dm-aggregates (1.0.2)
      dm-core (~> 1.0.2)
    dm-constraints (1.0.2)
      dm-core (~> 1.0.2)
      dm-migrations (~> 1.0.2)
    dm-core (1.0.2)
      addressable (~> 2.2)
      extlib (~> 0.9.15)
    dm-do-adapter (1.0.2)
      data_objects (~> 0.10.2)
      dm-core (~> 1.0.2)
    dm-is-predefined (0.3.0)
      activesupport (~> 3.0.0.beta3)
      dm-core (~> 1.0.0)
    dm-serializer (1.0.2)
      dm-core (~> 1.0.2)
      fastercsv (~> 1.5.3)
      json_pure (~> 1.4)
    dm-sqlite-adapter (1.0.2)
      dm-do-adapter (~> 1.0.2)
      do_sqlite3 (~> 0.10.2)
    dm-tags (1.0.2)
      dm-core (~> 1.0.2)
    dm-timestamps (1.0.2)
      dm-core (~> 1.0.2)
    dm-types (1.0.2)
      dm-core (~> 1.0.2)
      fastercsv (~> 1.5.3)
      json_pure (~> 1.4)
      stringex (~> 1.1.0)
      uuidtools (~> 2.1.1)
    dm-validations (1.0.2)
      dm-core (~> 1.0.2)
    dm-visualizer (0.1.0)
      dm-core (>= 0.10.2)
      ruby-graphviz (>= 0.9.10)
      thor (>= 0.13.4)
    do_sqlite3 (0.10.2)
      data_objects (= 0.10.2)
    extlib (0.9.15)
    fastercsv (1.5.3)
    json_pure (1.4.6)
    nokogiri (1.4.3.1)
    open_namespace (0.3.0)
    ore (0.2.1)
      thor (~> 0.14.3)
    ore-tasks (0.1.2)
    parameters (0.2.3)
    pullr (0.1.3)
      addressable (>= 2.1.1)
    rake (0.8.7)
    rdiscount (1.6.5)
    rspec (2.0.0)
      rspec-core (= 2.0.0)
      rspec-expectations (= 2.0.0)
      rspec-mocks (= 2.0.0)
    rspec-core (2.0.0)
    rspec-expectations (2.0.0)
      diff-lcs (>= 1.1.2)
    rspec-mocks (2.0.0)
      rspec-core (= 2.0.0)
      rspec-expectations (= 2.0.0)
    ruby-graphviz (0.9.17)
    stringex (1.1.0)
    thor (0.14.3)
    tzinfo (0.3.23)
    uri-query_params (0.4.0)
    uuidtools (2.1.1)
    yard (0.6.1)
    yard-dm (0.1.1)

PLATFORMS
  ruby

DEPENDENCIES
  bundler (~> 1.0.0)
  data_paths (~> 0.2.1)
  dm-is-read_only (~> 0.2.0)!
  dm-migrations (~> 1.0.2)!
  dm-visualizer (~> 0.1.0)
  open_namespace (~> 0.3.0)
  ore (~> 0.2.0)
  ore-tasks (~> 0.1.2)
  pullr (~> 0.1.2)
  rake (~> 0.8.7)
  rdiscount (~> 1.6.3)
  ronin (~> 0.4.0)!
  ronin-metasploit!
  ronin-support (~> 0.1.0)!
  rspec (~> 2.0.0)
  ruby-graphviz (~> 0.9.10)
  thor (~> 0.14.3)
  yard (~> 0.6.1)
  yard-dm (~> 0.1.1)
